GEM
  remote: https://rubygems.org/
  specs:
    PriorityQueue (0.1.2)
    actionmailer (3.2.17)
      actionpack (= 3.2.17)
      mail (~> 2.5.4)
    actionpack (3.2.17)
      activemodel (= 3.2.17)
      activesupport (= 3.2.17)
      builder (~> 3.0.0)
      erubis (~> 2.7.0)
      journey (~> 1.0.4)
      rack (~> 1.4.5)
      rack-cache (~> 1.2)
      rack-test (~> 0.6.1)
      sprockets (~> 2.2.1)
    activemodel (3.2.17)
      activesupport (= 3.2.17)
      builder (~> 3.0.0)
    activerecord (3.2.17)
      activemodel (= 3.2.17)
      activesupport (= 3.2.17)
      arel (~> 3.0.2)
      tzinfo (~> 0.3.29)
    activeresource (3.2.17)
      activemodel (= 3.2.17)
      activesupport (= 3.2.17)
    activesupport (3.2.17)
      i18n (~> 0.6, >= 0.6.4)
      multi_json (~> 1.0)
    addressable (2.3.2)
    airbrake (3.1.15)
      builder
      multi_json
    arel (3.0.3)
    bootstrap-sass (3.1.0.0)
      sass (~> 3.2)
    builder (3.0.4)
    cancan (1.6.9)
    capybara (1.1.2)
      mime-types (>= 1.16)
      nokogiri (>= 1.3.3)
      rack (>= 1.0.0)
      rack-test (>= 0.5.4)
      selenium-webdriver (~> 2.0)
      xpath (~> 0.1.4)
    celluloid (0.15.2)
      timers (~> 1.1.0)
    childprocess (0.3.5)
      ffi (~> 1.0, >= 1.0.6)
    chronic (0.10.2)
    connection_pool (1.2.0)
    crack (0.3.2)
    cucumber (1.3.10)
      builder (>= 2.1.2)
      diff-lcs (>= 1.1.3)
      gherkin (~> 2.12)
      multi_json (>= 1.7.5, < 2.0)
      multi_test (>= 0.0.2)
    cucumber-rails (1.3.0)
      capybara (>= 1.1.2)
      cucumber (>= 1.1.8)
      nokogiri (>= 1.5.0)
    diff-lcs (1.2.5)
    erubis (2.7.0)
    eventmachine (1.0.0)
    execjs (2.0.2)
    faraday (0.8.7)
      multipart-post (~> 1.1)
    faraday_middleware (0.9.0)
      faraday (>= 0.7.4, < 0.9)
    faye-websocket (0.4.6)
      eventmachine (>= 0.12.0)
    ffi (1.1.5)
    formtastic (2.2.1)
      actionpack (>= 3.0)
    formtastic-bootstrap (3.0.0)
      formtastic (>= 2.2)
    gds-api-adapters (8.3.2)
      link_header
      lrucache (~> 0.1.1)
      null_logger
      plek
      rest-client (~> 1.6.3)
    gds-sso (9.2.0)
      omniauth-gds (>= 3.0.0)
      rack-accept (~> 0.4.4)
      rails (>= 3.0.0)
      warden (~> 1.2)
    gds_zendesk (1.0.2)
      null_logger (= 0.0.1)
      zendesk_api (= 1.0.2)
    gherkin (2.12.2)
      multi_json (~> 1.3)
    hashie (2.0.3)
    hike (1.2.3)
    http_parser.rb (0.5.3)
    i18n (0.6.9)
    inflection (1.0.0)
    journey (1.0.4)
    jquery-rails (3.1.0)
      railties (>= 3.0, < 5.0)
      thor (>= 0.14, < 2.0)
    jquery-tablesorter (1.8.1)
      railties (>= 3.1, < 5)
    jquery-ui-rails (4.2.0)
      railties (>= 3.2.16)
    json (1.8.1)
    jwt (0.1.11)
      multi_json (>= 1.5)
    kgio (2.7.4)
    libwebsocket (0.1.5)
      addressable
    link_header (0.0.8)
    logstash-event (1.1.5)
    logstasher (0.4.8)
      logstash-event (~> 1.1.0)
    lrucache (0.1.4)
      PriorityQueue (~> 0.1.2)
    mail (2.5.4)
      mime-types (~> 1.16)
      treetop (~> 1.4.8)
    metaclass (0.0.1)
    mime-types (1.25.1)
    mocha (0.13.3)
      metaclass (~> 0.0.1)
    multi_json (1.8.4)
    multi_test (0.0.2)
    multi_xml (0.5.5)
    multipart-post (1.2.0)
    mysql2 (0.3.14)
    nokogiri (1.5.5)
    null_logger (0.0.1)
    oauth2 (0.9.3)
      faraday (>= 0.8, < 0.10)
      jwt (~> 0.1.8)
      multi_json (~> 1.3)
      multi_xml (~> 0.5)
      rack (~> 1.2)
    omniauth (1.2.1)
      hashie (>= 1.2, < 3)
      rack (~> 1.0)
    omniauth-gds (3.0.0)
      omniauth-oauth2 (~> 1.0)
    omniauth-oauth2 (1.1.2)
      faraday (>= 0.8, < 0.10)
      multi_json (~> 1.3)
      oauth2 (~> 0.9.3)
      omniauth (~> 1.2)
    plek (1.7.0)
    poltergeist (0.7.0)
      capybara (~> 1.1)
      childprocess (~> 0.3)
      faye-websocket (~> 0.4, >= 0.4.4)
      http_parser.rb (~> 0.5.3)
      multi_json (~> 1.0)
    polyglot (0.3.4)
    quiet_assets (1.0.2)
      railties (>= 3.1, < 5.0)
    rack (1.4.5)
    rack-accept (0.4.5)
      rack (>= 0.4)
    rack-cache (1.2)
      rack (>= 0.4)
    rack-ssl (1.3.3)
      rack
    rack-test (0.6.2)
      rack (>= 1.0)
    rails (3.2.17)
      actionmailer (= 3.2.17)
      actionpack (= 3.2.17)
      activerecord (= 3.2.17)
      activeresource (= 3.2.17)
      activesupport (= 3.2.17)
      bundler (~> 1.0)
      railties (= 3.2.17)
    railties (3.2.17)
      actionpack (= 3.2.17)
      activesupport (= 3.2.17)
      rack-ssl (~> 1.3.2)
      rake (>= 0.8.7)
      rdoc (~> 3.4)
      thor (>= 0.14.6, < 2.0)
    raindrops (0.10.0)
    rake (10.1.1)
    rdoc (3.12.2)
      json (~> 1.4)
    redis (3.0.6)
    redis-actionpack (3.2.4)
      actionpack (~> 3.2.0)
      redis-rack (~> 1.4.4)
      redis-store (~> 1.1.4)
    redis-activesupport (3.2.5)
      activesupport (~> 3.2.0)
      redis-store (~> 1.1.0)
    redis-namespace (1.4.1)
      redis (~> 3.0.4)
    redis-rack (1.4.4)
      rack (~> 1.4.0)
      redis-store (~> 1.1.4)
    redis-rails (3.2.4)
      redis-actionpack (~> 3.2.4)
      redis-activesupport (~> 3.2.4)
      redis-store (~> 1.1.4)
    redis-store (1.1.4)
      redis (>= 2.2)
    rest-client (1.6.7)
      mime-types (>= 1.16)
    rubyzip (0.9.9)
    sass (3.2.12)
    sass-rails (3.2.6)
      railties (~> 3.2.0)
      sass (>= 3.1.10)
      tilt (~> 1.3)
    selenium-webdriver (2.25.0)
      childprocess (>= 0.2.5)
      libwebsocket (~> 0.1.3)
      multi_json (~> 1.0)
      rubyzip
    shoulda (3.3.2)
      shoulda-context (~> 1.0.1)
      shoulda-matchers (~> 1.4.1)
    shoulda-context (1.0.2)
    shoulda-matchers (1.4.1)
      activesupport (>= 3.0.0)
    sidekiq (2.17.1)
      celluloid (>= 0.15.2)
      connection_pool (>= 1.0.0)
      json
      redis (>= 3.0.6)
      redis-namespace (>= 1.3.1)
    sprockets (2.2.2)
      hike (~> 1.2)
      multi_json (~> 1.0)
      rack (~> 1.0)
      tilt (~> 1.1, != 1.3.0)
    statsd-ruby (1.2.1)
    thor (0.18.1)
    tilt (1.4.1)
    timecop (0.7.1)
    timeliness (0.3.7)
    timers (1.1.0)
    treetop (1.4.15)
      polyglot
      polyglot (>= 0.3.1)
    tzinfo (0.3.38)
    uglifier (2.0.1)
      execjs (>= 0.3.0)
      multi_json (~> 1.0, >= 1.0.2)
    unicorn (4.3.1)
      kgio (~> 2.6)
      rack
      raindrops (~> 0.7)
    validates_timeliness (3.0.14)
      timeliness (~> 0.3.6)
    warden (1.2.3)
      rack (>= 1.0)
    webmock (1.9.0)
      addressable (>= 2.2.7)
      crack (>= 0.1.7)
    whenever (0.9.0)
      activesupport (>= 2.3.4)
      chronic (>= 0.6.3)
    xpath (0.1.4)
      nokogiri (~> 1.3)
    zendesk_api (1.0.2)
      faraday (>= 0.8.0)
      faraday_middleware (>= 0.8.7)
      hashie (>= 1.2)
      inflection
      mime-types
      multi_json
      multipart-post

PLATFORMS
  ruby

DEPENDENCIES
  airbrake (= 3.1.15)
  bootstrap-sass (= 3.1.0)
  cancan (= 1.6.9)
  capybara (= 1.1.2)
  cucumber-rails (= 1.3.0)
  formtastic-bootstrap (= 3.0.0)
  gds-api-adapters (= 8.3.2)
  gds-sso (= 9.2.0)
  gds_zendesk (= 1.0.2)
  jquery-rails (= 3.1.0)
  jquery-tablesorter (= 1.8.1)
  jquery-ui-rails (= 4.2.0)
  logstasher (= 0.4.8)
  mocha (= 0.13.3)
  mysql2 (= 0.3.14)
  plek (= 1.7.0)
  poltergeist (= 0.7.0)
  quiet_assets (= 1.0.2)
  rails (= 3.2.17)
  redis-rails (= 3.2.4)
  sass (= 3.2.12)
  sass-rails (= 3.2.6)
  shoulda (~> 3.3.2)
  sidekiq (= 2.17.1)
  statsd-ruby (= 1.2.1)
  timecop (= 0.7.1)
  uglifier (= 2.0.1)
  unicorn (= 4.3.1)
  validates_timeliness (= 3.0.14)
  webmock (= 1.9.0)
  whenever (= 0.9.0)
